GIT
  remote: https://github.com/mahesh-krishnakumar/bootstrap4-kaminari-views.git
  revision: 5ad07179ca22db5d17684f21096bcd0fddc6e289
  specs:
    bootstrap4-kaminari-views (1.0.0)
      kaminari (>= 0.13)
      rails (>= 3.1)

GIT
  remote: https://github.com/mahesh-krishnakumar/valid_url.git
  revision: 2c1f5b9191136e4eb6b1d369e2ebadfd8a10360a
  branch: patch-1
  specs:
    valid_url (0.0.4)
      addressable
      rails

GIT
  remote: https://github.com/spark-solutions/acts-as-taggable-on.git
  revision: 1bd0f0d628cb622ade661c56878abc9b20abcad4
  branch: fix/rails-6-and-failing-specs
  specs:
    acts-as-taggable-on (6.0.1)
      activerecord (>= 5.0, < 6.1)

GEM
  remote: https://rubygems.org/
  remote: https://rails-assets.org/
  specs:
    actioncable (6.0.3.2)
      actionpack (= 6.0.3.2)
      nio4r (~> 2.0)
      websocket-driver (>= 0.6.1)
    actionmailbox (6.0.3.2)
      actionpack (= 6.0.3.2)
      activejob (= 6.0.3.2)
      activerecord (= 6.0.3.2)
      activestorage (= 6.0.3.2)
      activesupport (= 6.0.3.2)
      mail (>= 2.7.1)
    actionmailer (6.0.3.2)
      actionpack (= 6.0.3.2)
      actionview (= 6.0.3.2)
      activejob (= 6.0.3.2)
      mail (~> 2.5, >= 2.5.4)
      rails-dom-testing (~> 2.0)
    actionpack (6.0.3.2)
      actionview (= 6.0.3.2)
      activesupport (= 6.0.3.2)
      rack (~> 2.0, >= 2.0.8)
      rack-test (>= 0.6.3)
      rails-dom-testing (~> 2.0)
      rails-html-sanitizer (~> 1.0, >= 1.2.0)
    actiontext (6.0.3.2)
      actionpack (= 6.0.3.2)
      activerecord (= 6.0.3.2)
      activestorage (= 6.0.3.2)
      activesupport (= 6.0.3.2)
      nokogiri (>= 1.8.5)
    actionview (6.0.3.2)
      activesupport (= 6.0.3.2)
      builder (~> 3.1)
      erubi (~> 1.4)
      rails-dom-testing (~> 2.0)
      rails-html-sanitizer (~> 1.1, >= 1.2.0)
    active_storage_validations (0.8.9)
      rails (>= 5.2.0)
    activeadmin (2.3.1)
      arbre (~> 1.2, >= 1.2.1)
      formtastic (~> 3.1)
      formtastic_i18n (~> 0.4)
      inherited_resources (~> 1.7)
      jquery-rails (~> 4.2)
      kaminari (~> 1.0, >= 1.0.1)
      railties (>= 5.0, < 6.1)
      ransack (~> 2.1, >= 2.1.1)
      sassc-rails (~> 2.1)
      sprockets (>= 3.0, < 4.1)
      sprockets-es6 (~> 0.9, >= 0.9.2)
    activejob (6.0.3.2)
      activesupport (= 6.0.3.2)
      globalid (>= 0.3.6)
    activemodel (6.0.3.2)
      activesupport (= 6.0.3.2)
    activerecord (6.0.3.2)
      activemodel (= 6.0.3.2)
      activesupport (= 6.0.3.2)
    activerecord-precounter (0.4.0)
      activerecord (>= 5)
    activestorage (6.0.3.2)
      actionpack (= 6.0.3.2)
      activejob (= 6.0.3.2)
      activerecord (= 6.0.3.2)
      marcel (~> 0.3.1)
    activesupport (6.0.3.2)
      concurrent-ruby (~> 1.0, >= 1.0.2)
      i18n (>= 0.7, < 2)
      minitest (~> 5.1)
      tzinfo (~> 1.1)
      zeitwerk (~> 2.2, >= 2.2.2)
    addressable (2.7.0)
      public_suffix (>= 2.0.2, < 5.0)
    arbre (1.2.1)
      activesupport (>= 3.0.0)
    ast (2.4.1)
    attribute_normalizer (1.2.0)
    autoprefixer-rails (9.8.5)
      execjs
    aws-eventstream (1.1.0)
    aws-partitions (1.345.0)
    aws-sdk-core (3.104.3)
      aws-eventstream (~> 1, >= 1.0.2)
      aws-partitions (~> 1, >= 1.239.0)
      aws-sigv4 (~> 1.1)
      jmespath (~> 1.0)
    aws-sdk-kms (1.36.0)
      aws-sdk-core (~> 3, >= 3.99.0)
      aws-sigv4 (~> 1.1)
    aws-sdk-s3 (1.75.0)
      aws-sdk-core (~> 3, >= 3.104.1)
      aws-sdk-kms (~> 1)
      aws-sigv4 (~> 1.1)
    aws-sigv4 (1.2.1)
      aws-eventstream (~> 1, >= 1.0.2)
    axiom-types (0.1.1)
      descendants_tracker (~> 0.0.4)
      ice_nine (~> 0.11.0)
      thread_safe (~> 0.3, >= 0.3.1)
    babel-source (5.8.35)
    babel-transpiler (0.7.0)
      babel-source (>= 4.0, < 6)
      execjs (~> 2.0)
    bcrypt (3.1.15)
    benchmark-ips (2.8.2)
    bindex (0.8.1)
    bootstrap (4.5.0)
      autoprefixer-rails (>= 9.1.0)
      popper_js (>= 1.14.3, < 2)
      sassc-rails (>= 2.0.0)
    bootstrap_form (4.5.0)
      actionpack (>= 5.2)
      activemodel (>= 5.2)
    builder (3.2.4)
    bullet (6.1.0)
      activesupport (>= 3.0.0)
      uniform_notifier (~> 1.11)
    bundler-audit (0.7.0.1)
      bundler (>= 1.2.0, < 3)
      thor (>= 0.18, < 2)
    capybara (3.33.0)
      addressable
      mini_mime (>= 0.1.3)
      nokogiri (~> 1.8)
      rack (>= 1.6.0)
      rack-test (>= 0.6.3)
      regexp_parser (~> 1.5)
      xpath (~> 3.2)
    capybara-email (3.0.2)
      capybara (>= 2.4, < 4.0)
      mail
    capybara-screenshot (1.0.24)
      capybara (>= 1.0, < 4)
      launchy
    chartkick (3.3.2)
    childprocess (3.0.0)
    cliver (0.3.2)
    coderay (1.1.3)
    coercible (1.0.0)
      descendants_tracker (~> 0.0.1)
    coffee-rails (5.0.0)
      coffee-script (>= 2.2.0)
      railties (>= 5.2.0)
    coffee-script (2.4.1)
      coffee-script-source
      execjs
    coffee-script-source (1.12.2)
    concurrent-ruby (1.1.6)
    connection_pool (2.2.3)
    crack (0.4.3)
      safe_yaml (~> 1.0.0)
    crass (1.0.6)
    css_parser (1.7.1)
      addressable
    cuprite (0.10)
      capybara (>= 2.1, < 4)
      ferrum (~> 0.8.0)
    dalli (2.7.10)
    damerau-levenshtein (1.3.3)
    declarative (0.0.20)
    declarative-builder (0.1.0)
      declarative-option (< 0.2.0)
    declarative-option (0.1.0)
    delayed-web (0.4.7)
      rails (>= 3.2.13)
    delayed_job (4.1.8)
      activesupport (>= 3.0, < 6.1)
    delayed_job_active_record (4.1.4)
      activerecord (>= 3.0, < 6.1)
      delayed_job (>= 3.0, < 5)
    derailed_benchmarks (1.7.0)
      benchmark-ips (~> 2)
      get_process_mem (~> 0)
      heapy (~> 0)
      memory_profiler (~> 0)
      mini_histogram (~> 0)
      rack (>= 1)
      rake (> 10, < 14)
      ruby-statistics (>= 2.1)
      thor (>= 0.19, < 2)
      unicode_plot (>= 0.0.4, < 1.0.0)
    descendants_tracker (0.0.4)
      thread_safe (~> 0.3, >= 0.3.1)
    descriptive_statistics (2.5.1)
    devise (4.7.2)
      bcrypt (~> 3.0)
      orm_adapter (~> 0.1)
      railties (>= 4.1.0)
      responders
      warden (~> 1.2.3)
    diff-lcs (1.4.4)
    diffy (3.3.0)
    disposable (0.4.7)
      declarative (>= 0.0.9, < 1.0.0)
      declarative-builder (< 0.2.0)
      declarative-option (< 0.2.0)
      representable (>= 2.4.0, <= 3.1.0)
      uber (< 0.2.0)
    docile (1.3.2)
    domain_name (0.5.20190701)
      unf (>= 0.0.5, < 1.0.0)
    dotenv (2.7.6)
    dotenv-rails (2.7.6)
      dotenv (= 2.7.6)
      railties (>= 3.2)
    dry-configurable (0.11.6)
      concurrent-ruby (~> 1.0)
      dry-core (~> 0.4, >= 0.4.7)
      dry-equalizer (~> 0.2)
    dry-container (0.7.2)
      concurrent-ruby (~> 1.0)
      dry-configurable (~> 0.1, >= 0.1.3)
    dry-core (0.4.9)
      concurrent-ruby (~> 1.0)
    dry-equalizer (0.3.0)
    dry-inflector (0.2.0)
    dry-logic (0.6.1)
      concurrent-ruby (~> 1.0)
      dry-core (~> 0.2)
      dry-equalizer (~> 0.2)
    dry-types (0.14.1)
      concurrent-ruby (~> 1.0)
      dry-container (~> 0.3)
      dry-core (~> 0.4, >= 0.4.4)
      dry-equalizer (~> 0.2)
      dry-inflector (~> 0.1, >= 0.1.2)
      dry-logic (~> 0.5, >= 0.5)
    dry-validation (0.13.3)
      concurrent-ruby (~> 1.0)
      dry-configurable (~> 0.1, >= 0.1.3)
      dry-core (~> 0.2, >= 0.2.1)
      dry-equalizer (~> 0.2)
      dry-logic (~> 0.5, >= 0.5.0)
      dry-types (~> 0.14.0)
    email_inquire (0.11.0)
      damerau-levenshtein (~> 1.2)
    enumerable-statistics (2.0.1)
    equalizer (0.0.11)
    erubi (1.9.0)
    execjs (2.7.0)
    factory_bot (5.2.0)
      activesupport (>= 4.2.0)
    factory_bot_rails (5.2.0)
      factory_bot (~> 5.2.0)
      railties (>= 4.2.0)
    faker (2.13.0)
      i18n (>= 1.6, < 2)
    faraday (1.0.1)
      multipart-post (>= 1.2, < 3)
    fastimage (2.2.0)
    ferrum (0.8)
      addressable (~> 2.6)
      cliver (~> 0.3)
      concurrent-ruby (~> 1.1)
      websocket-driver (>= 0.6, < 0.8)
    ffi (1.13.1)
    file_validators (2.3.0)
      activemodel (>= 3.2)
      mime-types (>= 1.0)
    font-awesome-rails (4.7.0.5)
      railties (>= 3.2, < 6.1)
    formtastic (3.1.5)
      actionpack (>= 3.2.13)
    formtastic_i18n (0.6.0)
    friendly_id (5.3.0)
      activerecord (>= 4.0.0)
    fuubar (2.5.0)
      rspec-core (~> 3.0)
      ruby-progressbar (~> 1.4)
    gaffe (1.2.0)
      rails (>= 4.0.0)
    get_process_mem (0.2.5)
      ffi (~> 1.0)
    globalid (0.4.2)
      activesupport (>= 4.2.0)
    graphiql-rails (1.7.0)
      railties
      sprockets-rails
    graphql (1.11.1)
    has_scope (0.7.2)
      actionpack (>= 4.1)
      activesupport (>= 4.1)
    hashdiff (1.0.1)
    hashie (4.1.0)
    heapy (0.1.4)
    heroku-deflater (0.6.3)
      rack (>= 1.4.5)
    hodel_3000_compliant_logger (0.1.1)
    http-accept (1.7.0)
    http-cookie (1.0.3)
      domain_name (~> 0.5)
    humanize (2.4.2)
    i18n (1.8.5)
      concurrent-ruby (~> 1.0)
    ice_nine (0.11.2)
    image_processing (1.11.0)
      mini_magick (>= 4.9.5, < 5)
      ruby-vips (>= 2.0.17, < 3)
    inherited_resources (1.11.0)
      actionpack (>= 5.0, < 6.1)
      has_scope (~> 0.6)
      railties (>= 5.0, < 6.1)
      responders (>= 2, < 4)
    iniparse (1.5.0)
    jbuilder (2.10.0)
      activesupport (>= 5.0.0)
    jmespath (1.4.0)
    jquery-rails (4.4.0)
      rails-dom-testing (>= 1, < 3)
      railties (>= 4.2.0)
      thor (>= 0.14, < 2.0)
    json (2.3.1)
    jspdf-rails (1.0.3)
      jquery-rails
      rails (>= 3.1.0)
    jwt (2.2.1)
    kaminari (1.2.1)
      activesupport (>= 4.1.0)
      kaminari-actionview (= 1.2.1)
      kaminari-activerecord (= 1.2.1)
      kaminari-core (= 1.2.1)
    kaminari-actionview (1.2.1)
      actionview
      kaminari-core (= 1.2.1)
    kaminari-activerecord (1.2.1)
      activerecord
      kaminari-core (= 1.2.1)
    kaminari-core (1.2.1)
    kramdown (2.3.0)
      rexml
    launchy (2.5.0)
      addressable (~> 2.7)
    letter_opener (1.7.0)
      launchy (~> 2.2)
    letter_opener_web (1.4.0)
      actionmailer (>= 3.2)
      letter_opener (~> 1.0)
      railties (>= 3.2)
    linkify-it-rb (2.0.3)
      uc.micro-rb (~> 1.0)
    listen (3.2.1)
      rb-fsevent (~> 0.10, >= 0.10.3)
      rb-inotify (~> 0.9, >= 0.9.10)
    loofah (2.6.0)
      crass (~> 1.0.2)
      nokogiri (>= 1.5.9)
    mail (2.7.1)
      mini_mime (>= 0.1.1)
    marcel (0.3.3)
      mimemagic (~> 0.3.2)
    mdurl-rb (1.0.5)
    memory_profiler (0.9.14)
    meta_request (0.7.2)
      rack-contrib (>= 1.1, < 3)
      railties (>= 3.0.0, < 7)
    method_source (1.0.0)
    mime-types (3.3.1)
      mime-types-data (~> 3.2015)
    mime-types-data (3.2020.0512)
    mimemagic (0.3.5)
    mini_histogram (0.1.3)
    mini_magick (4.10.1)
    mini_mime (1.0.2)
    mini_portile2 (2.4.0)
    minitest (5.14.1)
    motion-markdown-it (8.4.1.2)
      linkify-it-rb (~> 2.0)
      mdurl-rb (~> 1.0)
      uc.micro-rb (~> 1.0)
    motion-markdown-it-plugins (8.4.2.1)
      motion-markdown-it (> 8.4.1.1)
    multi_json (1.15.0)
    multi_xml (0.6.0)
    multipart-post (2.1.1)
    netrc (0.11.0)
    nio4r (2.5.2)
    nokogiri (1.10.10)
      mini_portile2 (~> 2.4.0)
    oauth2 (1.4.4)
      faraday (>= 0.8, < 2.0)
      jwt (>= 1.0, < 3.0)
      multi_json (~> 1.3)
      multi_xml (~> 0.5)
      rack (>= 1.2, < 3)
    oink (0.10.1)
      activerecord
      hodel_3000_compliant_logger
    omniauth (1.9.1)
      hashie (>= 3.4.6)
      rack (>= 1.6.2, < 3)
    omniauth-facebook (6.0.0)
      omniauth-oauth2 (~> 1.2)
    omniauth-github (1.4.0)
      omniauth (~> 1.5)
      omniauth-oauth2 (>= 1.4.0, < 2.0)
    omniauth-google-oauth2 (0.8.0)
      jwt (>= 2.0)
      omniauth (>= 1.1.1)
      omniauth-oauth2 (>= 1.6)
    omniauth-oauth2 (1.6.0)
      oauth2 (~> 1.1)
      omniauth (~> 1.9)
    orm_adapter (0.5.0)
    overcommit (0.55.0)
      childprocess (>= 0.6.3, < 5)
      iniparse (~> 1.4)
    parallel (1.19.2)
    parser (2.7.1.4)
      ast (~> 2.4.1)
    pg (1.2.3)
    pg_search (2.3.2)
      activerecord (>= 5.2)
      activesupport (>= 5.2)
    polyamorous (2.3.2)
      activerecord (>= 5.2.1)
    popper_js (1.16.0)
    postmark (1.21.1)
      json
    postmark-rails (0.20.0)
      actionmailer (>= 3.0.0)
      postmark (~> 1.15)
    pretender (0.3.4)
      actionpack (>= 4.2)
    pry (0.13.1)
      coderay (~> 1.1)
      method_source (~> 1.0)
    pry-rails (0.3.9)
      pry (>= 0.10.4)
    public_suffix (4.0.5)
    puma (4.3.5)
      nio4r (~> 2.0)
    pundit (2.1.0)
      activesupport (>= 3.0.0)
    rack (2.2.3)
    rack-contrib (2.2.0)
      rack (~> 2.0)
    rack-cors (1.1.1)
      rack (>= 2.0.0)
    rack-proxy (0.6.5)
      rack
    rack-test (1.1.0)
      rack (>= 1.0, < 3)
    rack-timeout (0.6.0)
    rails (6.0.3.2)
      actioncable (= 6.0.3.2)
      actionmailbox (= 6.0.3.2)
      actionmailer (= 6.0.3.2)
      actionpack (= 6.0.3.2)
      actiontext (= 6.0.3.2)
      actionview (= 6.0.3.2)
      activejob (= 6.0.3.2)
      activemodel (= 6.0.3.2)
      activerecord (= 6.0.3.2)
      activestorage (= 6.0.3.2)
      activesupport (= 6.0.3.2)
      bundler (>= 1.3.0)
      railties (= 6.0.3.2)
      sprockets-rails (>= 2.0.0)
    rails-assets-bootstrap-tabcollapse (0.2.7)
    rails-assets-datetimepicker (2.5.20)
      rails-assets-jquery (>= 1.7.2)
      rails-assets-jquery-mousewheel (>= 3.1.13)
      rails-assets-php-date-formatter (>= 1.3.3)
    rails-assets-desandro-matches-selector (2.0.2)
    rails-assets-ev-emitter (1.1.1)
    rails-assets-fizzy-ui-utils (2.0.7)
      rails-assets-desandro-matches-selector (>= 2.0.0, < 3)
    rails-assets-gemini-scrollbar (1.5.3)
    rails-assets-get-size (2.0.3)
    rails-assets-intro.js (2.9.3)
    rails-assets-jquery (3.4.1)
    rails-assets-jquery-mousewheel (3.1.13)
      rails-assets-jquery (>= 1.2.2)
    rails-assets-jquery-sparkline (2.1.3)
    rails-assets-jquery-stickit (0.2.14)
      rails-assets-jquery (>= 1.6)
    rails-assets-jquery.counterup (2.1.0)
      rails-assets-jquery (>= 1.5)
      rails-assets-waypoints (>= 4.0)
    rails-assets-jquery.scrollTo (2.1.2)
      rails-assets-jquery (>= 1.8)
    rails-assets-lodash (4.17.15)
    rails-assets-masonry (4.2.2)
      rails-assets-get-size (>= 2.0.2, < 3)
      rails-assets-outlayer (>= 2.1.0, < 3)
    rails-assets-moment (2.24.0)
    rails-assets-outlayer (2.1.1)
      rails-assets-ev-emitter (>= 1.0.0, < 2)
      rails-assets-fizzy-ui-utils (>= 2.0.0, < 3)
      rails-assets-get-size (>= 2.0.2, < 3)
    rails-assets-perfect-scrollbar (0.8.1)
    rails-assets-php-date-formatter (1.3.5)
    rails-assets-readmore (2.2.1)
      rails-assets-jquery (>= 2.1.4)
    rails-assets-slick-carousel (1.8.1)
      rails-assets-jquery (>= 1.7)
    rails-assets-tether (1.4.7)
    rails-assets-typedjs (2.0.9)
    rails-assets-waypoints (4.0.1)
    rails-dom-testing (2.0.3)
      activesupport (>= 4.2.0)
      nokogiri (>= 1.6)
    rails-html-sanitizer (1.3.0)
      loofah (~> 2.3)
    railties (6.0.3.2)
      actionpack (= 6.0.3.2)
      activesupport (= 6.0.3.2)
      method_source
      rake (>= 0.8.7)
      thor (>= 0.20.3, < 2.0)
    rainbow (3.0.0)
    rake (13.0.1)
    ransack (2.3.2)
      activerecord (>= 5.2.1)
      activesupport (>= 5.2.1)
      i18n
      polyamorous (= 2.3.2)
    rb-fsevent (0.10.4)
    rb-inotify (0.10.1)
      ffi (~> 1.0)
    react-rails (2.6.1)
      babel-transpiler (>= 0.7.0)
      connection_pool
      execjs
      railties (>= 3.2)
      tilt
    reform (2.3.3)
      disposable (>= 0.4.2, < 0.5.0)
      representable (>= 2.4.0, < 3.1.0)
      uber (< 0.2.0)
    reform-rails (0.2.0)
      activemodel (>= 5.0)
      reform (>= 2.3.1, < 3.0.0)
    regexp_parser (1.7.1)
    representable (3.0.4)
      declarative (< 0.1.0)
      declarative-option (< 0.2.0)
      uber (< 0.2.0)
    responders (3.0.1)
      actionpack (>= 5.0)
      railties (>= 5.0)
    rest-client (2.1.0)
      http-accept (>= 1.7.0, < 2.0)
      http-cookie (>= 1.0.2, < 2.0)
      mime-types (>= 1.16, < 4.0)
      netrc (~> 0.8)
    rexml (3.2.4)
    roadie (4.0.0)
      css_parser (~> 1.4)
      nokogiri (~> 1.8)
    roadie-rails (2.1.1)
      railties (>= 5.1, < 6.1)
      roadie (>= 3.1, < 5.0)
    rodf (1.1.1)
      builder (>= 3.0)
      dry-inflector (~> 0.1)
      rubyzip (>= 1.0)
    rollbar (2.27.0)
    rspec-core (3.9.2)
      rspec-support (~> 3.9.3)
    rspec-eventually (0.2.2)
    rspec-expectations (3.9.2)
      diff-lcs (>= 1.2.0, < 2.0)
      rspec-support (~> 3.9.0)
    rspec-mocks (3.9.1)
      diff-lcs (>= 1.2.0, < 2.0)
      rspec-support (~> 3.9.0)
    rspec-rails (4.0.1)
      actionpack (>= 4.2)
      activesupport (>= 4.2)
      railties (>= 4.2)
      rspec-core (~> 3.9)
      rspec-expectations (~> 3.9)
      rspec-mocks (~> 3.9)
      rspec-support (~> 3.9)
    rspec-retry (0.6.2)
      rspec-core (> 3.3)
    rspec-support (3.9.3)
    rubocop (0.88.0)
      parallel (~> 1.10)
      parser (>= 2.7.1.1)
      rainbow (>= 2.2.2, < 4.0)
      regexp_parser (>= 1.7)
      rexml
      rubocop-ast (>= 0.1.0, < 1.0)
      ruby-progressbar (~> 1.7)
      unicode-display_width (>= 1.4.0, < 2.0)
    rubocop-ast (0.2.0)
      parser (>= 2.7.0.1)
    rubocop-rails (2.7.1)
      activesupport (>= 4.2.0)
      rack (>= 1.1)
      rubocop (>= 0.87.0)
    ruby-progressbar (1.10.1)
    ruby-statistics (2.1.2)
    ruby-vips (2.0.17)
      ffi (~> 1.9)
    rubyzip (2.3.0)
    safe_yaml (1.0.5)
    sass-rails (6.0.0)
      sassc-rails (~> 2.1, >= 2.1.1)
    sassc (2.4.0)
      ffi (~> 1.9)
    sassc-rails (2.1.2)
      railties (>= 4.0.0)
      sassc (>= 2.0)
      sprockets (> 3.0)
      sprockets-rails
      tilt
    scarf (0.2.6)
    seedbank (0.5.0)
      rake (>= 10.0)
    select2-rails (4.0.13)
    selenium-webdriver (3.142.7)
      childprocess (>= 0.5, < 4.0)
      rubyzip (>= 1.2.2)
    semantic_range (2.3.0)
    simplecov (0.17.1)
      docile (~> 1.1)
      json (>= 1.8, < 3)
      simplecov-html (~> 0.10.0)
    simplecov-html (0.10.2)
    skylight (4.3.1)
      skylight-core (= 4.3.1)
    skylight-core (4.3.1)
      activesupport (>= 4.2.0)
    slim (4.1.0)
      temple (>= 0.7.6, < 0.9)
      tilt (>= 2.0.6, < 2.1)
    slowpoke (0.3.2)
      actionpack
      rack-timeout (>= 0.4.0)
      railties (>= 5)
    sprockets (4.0.2)
      concurrent-ruby (~> 1.0)
      rack (> 1, < 3)
    sprockets-es6 (0.9.2)
      babel-source (>= 5.8.11)
      babel-transpiler
      sprockets (>= 3.0.0)
    sprockets-rails (3.2.1)
      actionpack (>= 4.0)
      activesupport (>= 4.0)
      sprockets (>= 3.0.0)
    stackprof (0.2.15)
    temple (0.8.2)
    thor (1.0.1)
    thread_safe (0.3.6)
    tilt (2.0.10)
    titleize (1.4.1)
    turbolinks (5.2.1)
      turbolinks-source (~> 5.2)
    turbolinks-source (5.2.0)
    tzinfo (1.2.7)
      thread_safe (~> 0.1)
    uber (0.1.0)
    uc.micro-rb (1.0.5)
    uglifier (4.2.0)
      execjs (>= 0.3.0, < 3)
    unf (0.1.4)
      unf_ext
    unf_ext (0.0.7.7)
    unicode-display_width (1.7.0)
    unicode_plot (0.0.4)
      enumerable-statistics (>= 2.0.1)
    uniform_notifier (1.13.0)
    videojs_rails (4.12.15)
    virtus (1.0.5)
      axiom-types (~> 0.1)
      coercible (~> 1.0)
      descendants_tracker (~> 0.0, >= 0.0.3)
      equalizer (~> 0.0, >= 0.0.9)
    warden (1.2.8)
      rack (>= 2.0.6)
    web-console (4.0.4)
      actionview (>= 6.0.0)
      activemodel (>= 6.0.0)
      bindex (>= 0.4.0)
      railties (>= 6.0.0)
    webdrivers (4.4.1)
      nokogiri (~> 1.6)
      rubyzip (>= 1.3.0)
      selenium-webdriver (>= 3.0, < 4.0)
    webmock (3.8.3)
      addressable (>= 2.3.6)
      crack (>= 0.3.2)
      hashdiff (>= 0.4.0, < 2.0.0)
    webpacker (5.1.1)
      activesupport (>= 5.2)
      rack-proxy (>= 0.6.1)
      railties (>= 5.2)
      semantic_range (>= 2.3.0)
    websocket-driver (0.7.3)
      websocket-extensions (>= 0.1.0)
    websocket-extensions (0.1.5)
    xpath (3.2.0)
      nokogiri (~> 1.8)
    zeitwerk (2.4.0)

PLATFORMS
  ruby

DEPENDENCIES
  active_storage_validations (~> 0.8)
  activeadmin (~> 2.3.1)
  activerecord-precounter (~> 0.3)
  acts-as-taggable-on!
  addressable (~> 2.5)
  attribute_normalizer (~> 1.2.0.b)
  autoprefixer-rails (~> 9.4)
  aws-sdk-s3 (~> 1.35)
  bootstrap (>= 4.3.1)
  bootstrap4-kaminari-views (= 1.0.0)!
  bootstrap_form (~> 4.0)
  bullet (~> 6.1)
  bundler-audit (~> 0.5)
  capybara (~> 3.0)
  capybara-email (~> 3.0)
  capybara-screenshot (~> 1.0)
  chartkick (~> 3.3)
  coderay (~> 1.1)
  coffee-rails (~> 5.0.0)
  cuprite (~> 0.5)
  dalli (~> 2.7)
  delayed-web (~> 0.4)
  delayed_job_active_record (~> 4.1)
  derailed_benchmarks (~> 1.3)
  descriptive_statistics (~> 2.5)
  devise (~> 4.7, >= 4.7.1)
  diffy (~> 3.3)
  dotenv-rails (~> 2.2)
  dry-validation (~> 0.10)
  email_inquire (~> 0.6)
  factory_bot_rails (~> 5.0)
  faker (~> 2.10)
  fastimage (~> 2.1)
  file_validators (~> 2.1)
  font-awesome-rails (~> 4.7)
  friendly_id (~> 5.3.0)
  fuubar (~> 2.5)
  gaffe (~> 1.2)
  graphiql-rails (~> 1.7)
  graphql (~> 1.10)
  heroku-deflater (~> 0.6)
  humanize (~> 2.1)
  image_processing (~> 1.2)
  jbuilder (~> 2.6)
  jquery-rails (~> 4.3)
  jspdf-rails (~> 1.0)
  kaminari (~> 1.2)
  kramdown (~> 2.1)
  letter_opener_web (~> 1.3)
  listen (~> 3.2)
  meta_request (~> 0.4)
  motion-markdown-it (~> 8.4.1)
  motion-markdown-it-plugins (~> 8.4.2)
  oink (~> 0.10)
  omniauth-facebook (~> 6.0)
  omniauth-github (~> 1.2)
  omniauth-google-oauth2 (~> 0.6)
  overcommit (~> 0.38)
  pg (~> 1.0)
  pg_search (~> 2.3)
  postmark-rails (~> 0.19)
  pretender (~> 0.3.4)
  pry-rails (~> 0.3.5)
  puma (~> 4.3)
  pundit (~> 2.0)
  rack-cors (~> 1.0)
  rails (~> 6.0.3, >= 6.0.3.2)
  rails-assets-bootstrap-tabcollapse (~> 0.2)!
  rails-assets-datetimepicker (~> 2.5)!
  rails-assets-gemini-scrollbar (~> 1.5)!
  rails-assets-intro.js (~> 2.4)!
  rails-assets-jquery (~> 3.3)!
  rails-assets-jquery-sparkline (= 2.1.3)!
  rails-assets-jquery-stickit (~> 0.2)!
  rails-assets-jquery.counterup (~> 2.1)!
  rails-assets-jquery.scrollTo (~> 2.1)!
  rails-assets-lodash (~> 4.17)!
  rails-assets-masonry (~> 4.1)!
  rails-assets-moment (~> 2.18)!
  rails-assets-perfect-scrollbar (~> 0.6)!
  rails-assets-readmore (~> 2.2)!
  rails-assets-slick-carousel (~> 1.6)!
  rails-assets-tether (~> 1.4)!
  rails-assets-typedjs (~> 2.0)!
  rails-assets-waypoints (~> 4.0)!
  react-rails (~> 2.2)
  reform (~> 2.2)
  reform-rails (~> 0.1)
  responders (~> 3.0)
  rest-client (~> 2.0)
  roadie-rails (~> 2.0)
  rodf (~> 1.1)
  rollbar (~> 2.14)
  rspec-eventually (~> 0.2.2)
  rspec-rails (~> 4.0)
  rspec-retry (~> 0.5)
  rubocop (~> 0.82)
  rubocop-rails (~> 2.4)
  sass-rails (>= 6)
  scarf (~> 0.2)
  seedbank (~> 0.4)
  select2-rails (~> 4.0)
  simplecov (< 0.18)
  skylight (~> 4.2)
  slim (~> 4.0)
  slowpoke (~> 0.3)
  stackprof (~> 0.2)
  titleize (~> 1.4)
  turbolinks (~> 5.0)
  uglifier (~> 4.1)
  valid_url (= 0.0.4)!
  videojs_rails (~> 4.12)
  virtus (~> 1.0)
  web-console (~> 4.0)
  webdrivers (~> 4.0)
  webmock (~> 3.5)
  webpacker (~> 5.0)

RUBY VERSION
   ruby 2.7.1p83

BUNDLED WITH
   2.1.4
